PATH
  remote: .
  specs:
    mail_view (2.0.4)
      tilt

GEM
  remote: https://rubygems.org/
  specs:
    mail (2.5.5)
      mime-types (~> 1.16)
      treetop (~> 1.4.8)
    mime-types (1.25.1)
    polyglot (0.3.5)
    rack (1.5.2)
    rack-test (0.6.2)
      rack (>= 1.0)
    rake (10.1.0)
    tilt (1.4.1)
    tmail (1.2.7.1)
    treetop (1.4.15)
      polyglot
      polyglot (>= 0.3.1)

PLATFORMS
  ruby

DEPENDENCIES
  mail (~> 2.2)
  mail_view!
  rack-test (~> 0.6)
  rake
  tmail (~> 1.2)
